GEM
  remote: https://rubygems.org/
  specs:
    ast (2.4.2)
    backports (3.24.1)
    bcrypt (3.1.18)
    date (3.3.3)
    dotenv (2.8.1)
    erubis (2.7.0)
    json (2.6.3)
    language_server-protocol (3.17.0.3)
    multi_json (1.15.0)
    parallel (1.23.0)
    parser (3.2.2.3)
      ast (~> 2.4.1)
      racc
    pg (1.5.3)
    racc (1.7.1)
    rack (1.6.13)
    rack-protection (1.5.5)
      rack
    rack-test (2.1.0)
      rack (>= 1.3)
    rainbow (3.1.1)
    regexp_parser (2.8.1)
    rexml (3.2.5)
    rubocop (1.54.1)
      json (~> 2.3)
      language_server-protocol (>= 3.17.0)
      parallel (~> 1.10)
      parser (>= 3.2.2.3)
      rainbow (>= 2.2.2, < 4.0)
      regexp_parser (>= 1.8, < 3.0)
      rexml (>= 3.2.5, < 4.0)
      rubocop-ast (>= 1.28.0, < 2.0)
      ruby-progressbar (~> 1.7)
      unicode-display_width (>= 2.4.0, < 3.0)
    rubocop-ast (1.29.0)
      parser (>= 3.2.1.0)
    ruby-progressbar (1.13.0)
    sinatra (1.4.8)
      rack (~> 1.5)
      rack-protection (~> 1.4)
      tilt (>= 1.3, < 3)
    sinatra-contrib (1.4.7)
      backports (>= 2.0)
      multi_json
      rack-protection
      rack-test
      sinatra (~> 1.4.0)
      tilt (>= 1.3, < 3)
    tilt (2.2.0)
    unicode-display_width (2.4.2)
    webrick (1.8.1)

PLATFORMS
  ruby

DEPENDENCIES
  bcrypt
  date
  dotenv
  erubis
  pg
  rubocop
  sinatra (~> 1.4.7)
  sinatra-contrib
  webrick

RUBY VERSION
   ruby 2.7.5p203

BUNDLED WITH
   2.1.4
